GEM
  remote: https://rubygems.org/
  specs:
    aws-sdk (2.10.87)
      aws-sdk-resources (= 2.10.87)
    aws-sdk-core (2.10.87)
      aws-sigv4 (~> 1.0)
      jmespath (~> 1.0)
    aws-sdk-resources (2.10.87)
      aws-sdk-core (= 2.10.87)
    aws-sigv4 (1.0.2)
    deb-s3 (0.9.1)
      aws-sdk (~> 2)
      thor (~> 0.19.0)
    jmespath (1.3.1)
    thor (0.19.4)

PLATFORMS
  ruby

DEPENDENCIES
  deb-s3

BUNDLED WITH
   1.15.2
